GEM
  remote: https://rubygems.org/
  specs:
    activesupport (4.0.1)
      i18n (~> 0.6, >= 0.6.4)
      minitest (~> 4.2)
      multi_json (~> 1.3)
      thread_safe (~> 0.1)
      tzinfo (~> 0.3.37)
    ansi (1.4.3)
    atomic (1.1.14)
    btce (0.2.2)
      monkey-patch
    coderay (1.1.0)
    i18n (0.6.5)
    method_source (0.8.2)
    minitest (4.7.5)
    money (6.0.0)
      i18n (~> 0.6.4)
    monkey-patch (0.0.9)
      activesupport
    multi_json (1.8.2)
    pry (0.9.12.4)
      coderay (~> 1.0)
      method_source (~> 0.8)
      slop (~> 3.4)
    slop (3.4.7)
    text-table (1.2.3)
    thread_safe (0.1.3)
      atomic
    tzinfo (0.3.38)

PLATFORMS
  ruby

DEPENDENCIES
  ansi
  btce
  money
  pry
  text-table
